GIT
  remote: https://github.com/alexch/rerun.git
  revision: a95b61eb1e5ac4fa9706d46dad10798c33eda59f
  specs:
    rerun (0.13.1)
      listen (~> 3.0)

GEM
  remote: https://rubygems.org/
  specs:
    chartkick (4.0.5)
    ffi (1.15.4)
    listen (3.7.0)
      rb-fsevent (~> 0.10, >= 0.10.3)
      rb-inotify (~> 0.9, >= 0.9.10)
    rack (2.2.3)
    rack-cors (1.1.1)
      rack (>= 2.0.0)
    rb-fsevent (0.11.0)
    rb-inotify (0.10.1)
      ffi (~> 1.0)
    roda (3.49.0)
      rack
    tilt (2.0.10)

PLATFORMS
  ruby

DEPENDENCIES
  chartkick
  rack-cors
  rerun!
  roda
  tilt

BUNDLED WITH
   2.2.22
