GEM
  remote: https://rubygems.org/
  specs:
    chartkick (2.3.5)
    ffi (1.9.25)
    listen (3.1.5)
      rb-fsevent (~> 0.9, >= 0.9.4)
      rb-inotify (~> 0.9, >= 0.9.7)
      ruby_dep (~> 1.2)
    rack (2.0.5)
    rack-cors (1.0.2)
    rb-fsevent (0.10.3)
    rb-inotify (0.9.10)
      ffi (>= 0.5.0, < 2)
    rerun (0.13.0)
      listen (~> 3.0)
    roda (3.10.0)
      rack
    ruby_dep (1.5.0)
    terminal-notifier (2.0.0)

PLATFORMS
  ruby

DEPENDENCIES
  chartkick
  rack-cors
  rerun
  roda
  terminal-notifier

BUNDLED WITH
   1.16.3
