GEM
  remote: https://rubygems.org/
  specs:
    rack (2.2.3)
    rack-cors (1.1.1)
      rack (>= 2.0.0)
    roda (3.49.0)
      rack
    shotgun (0.9.2)
      rack (>= 1.0)

PLATFORMS
  ruby

DEPENDENCIES
  rack-cors
  roda
  shotgun

BUNDLED WITH
   2.2.22
