GEM
  remote: https://rubygems.org/
  specs:
    coderay (1.1.3)
    method_source (1.0.0)
    pry (0.14.1)
      coderay (~> 1.1)
      method_source (~> 1.0)
    rack (2.2.3)
    rack-cors (1.1.1)
      rack (>= 2.0.0)
    roda (3.53.0)
      rack

PLATFORMS
  ruby

DEPENDENCIES
  pry
  rack-cors
  roda

BUNDLED WITH
   2.3.3
