GEM
  remote: https://rubygems.org/
  specs:
    chartkick (3.0.1)
    rack (2.0.6)
    rack-cors (1.0.2)
    roda (3.14.1)
      rack
    shotgun (0.9.2)
      rack (>= 1.0)
    tilt (2.0.9)

PLATFORMS
  ruby

DEPENDENCIES
  chartkick
  rack-cors
  roda
  shotgun
  tilt

BUNDLED WITH
   1.16.3
