GEM
  remote: https://rubygems.org/
  specs:
    coderay (1.1.3)
    method_source (1.0.0)
    nio4r (2.5.8)
    pry (0.14.1)
      coderay (~> 1.1)
      method_source (~> 1.0)
    puma (5.6.4)
      nio4r (~> 2.0)
    rack (2.2.3.1)
    rack-cors (1.1.1)
      rack (>= 2.0.0)
    roda (3.57.0)
      rack

PLATFORMS
  ruby

DEPENDENCIES
  pry
  puma
  rack-cors
  roda

BUNDLED WITH
   2.3.7
