GEM
  remote: https://rubygems.org/
  specs:
    rack (2.0.5)
    rack-cors (1.0.2)
    roda (3.10.0)
      rack

PLATFORMS
  ruby

DEPENDENCIES
  rack-cors
  roda

BUNDLED WITH
   1.16.3
