GEM
  remote: https://rubygems.org/
  specs:
    chartkick (2.3.5)
    rack (2.0.5)
    rack-cors (1.0.2)
    roda (3.10.0)
      rack
    shotgun (0.9.2)
      rack (>= 1.0)
    tilt (2.0.8)

PLATFORMS
  ruby

DEPENDENCIES
  chartkick
  rack-cors
  roda (~> 3.9)
  shotgun
  tilt

BUNDLED WITH
   1.16.3
