GEM
  remote: https://rubygems.org/
  specs:
    chartkick (3.3.1)
    rack (2.2.2)
    rack-cors (1.1.1)
      rack (>= 2.0.0)
    roda (3.32.0)
      rack
    shotgun (0.9.2)
      rack (>= 1.0)
    tilt (2.0.10)

PLATFORMS
  ruby

DEPENDENCIES
  chartkick
  rack-cors
  roda
  shotgun
  tilt

BUNDLED WITH
   2.1.4
