GIT
  remote: https://github.com/delonnewman/shotgun.git
  revision: 600b3987db7f4774e2305247ff374327f1837857
  specs:
    shotgun (0.9.2)
      rack (>= 1.0)

GEM
  remote: https://rubygems.org/
  specs:
    chartkick (4.0.5)
    rack (2.2.3)
    rack-cors (1.1.1)
      rack (>= 2.0.0)
    roda (3.48.0)
      rack
    tilt (2.0.10)

PLATFORMS
  ruby

DEPENDENCIES
  chartkick
  rack-cors
  roda
  shotgun!
  tilt

BUNDLED WITH
   2.2.22
