GEM
  remote: https://rubygems.org/
  specs:
    chartkick (3.0.2)
    rack (2.0.7)
    rack-cors (1.0.3)
    roda (3.19.0)
      rack
    shotgun (0.9.2)
      rack (>= 1.0)
    tilt (2.0.9)

PLATFORMS
  ruby

DEPENDENCIES
  chartkick
  rack-cors
  roda
  shotgun
  tilt

BUNDLED WITH
   1.17.2
