GEM
  remote: https://rubygems.org/
  specs:
    byebug (11.1.3)
    nio4r (2.5.8)
    puma (6.0.2)
      nio4r (~> 2.0)
    rack (3.0.4.1)
    rack-cors (1.1.1)
      rack (>= 2.0.0)
    roda (3.64.0)
      rack

PLATFORMS
  ruby

DEPENDENCIES
  byebug
  puma
  rack-cors
  roda

BUNDLED WITH
   2.4.5
