GEM
  remote: https://rubygems.org/
  specs:
    coderay (1.1.3)
    method_source (1.0.0)
    nio4r (2.5.8)
    pry (0.14.2)
      coderay (~> 1.1)
      method_source (~> 1.0)
    puma (6.0.2)
      nio4r (~> 2.0)
    rack (3.0.4.1)
    rack-cors (1.1.1)
      rack (>= 2.0.0)
    rackup (2.0.0)
      rack (>= 3)
      webrick
    roda (3.64.0)
      rack
    webrick (1.7.0)

PLATFORMS
  ruby

DEPENDENCIES
  pry
  puma
  rack-cors
  rackup
  roda

BUNDLED WITH
   2.3.26
